GEM
  remote: https://rubygems.org/
  specs:
    hologram (1.3.1)
      redcarpet (>= 2.2, < 4.0)
      rouge (>= 1.5)
    redcarpet (3.3.4)
    rouge (1.10.1)
    uuidtools (2.1.5)

PLATFORMS
  ruby

DEPENDENCIES
  hologram (~> 1.3.1)
  uuidtools

BUNDLED WITH
   1.12.1
