GEM
  remote: https://rubygems.org/
  specs:
    hologram (1.4.0)
      redcarpet (>= 2.2, < 4.0)
      rouge (>= 1.5)
    redcarpet (3.2.3)
    rouge (1.9.0)
    sass (3.4.13)
    uuidtools (2.1.5)

PLATFORMS
  ruby

DEPENDENCIES
  hologram
  sass (~> 3.4.11)
  uuidtools
