GEM
  remote: https://rubygems.org/
  specs:
    hologram (1.3.1)
      redcarpet (>= 2.2, < 4.0)
      rouge (>= 1.5)
    redcarpet (3.2.2)
    rouge (1.8.0)
    sass (3.4.11)
    uuidtools (2.1.5)

PLATFORMS
  ruby

DEPENDENCIES
  hologram (~> 1.3.1)
  sass (~> 3.4.11)
  uuidtools
